GEM
  remote: https://rubygems.org/
  specs:
    line-bot-api (1.3.0)
    minitest (5.25.5)
    mustermann (1.1.2)
      ruby2_keywords (~> 0.0.1)
    rack (2.2.17)
    rack-protection (2.0.8.1)
      rack
    ruby2_keywords (0.0.5)
    sinatra (2.0.8.1)
      mustermann (~> 1.0)
      rack (~> 2.0)
      rack-protection (= 2.0.8.1)
      tilt (~> 2.0)
    tilt (2.6.0)

PLATFORMS
  arm64-darwin-23
  ruby

DEPENDENCIES
  line-bot-api (~> 1.3.0)
  minitest
  sinatra (~> 2.0.4)

BUNDLED WITH
   2.6.7
